PATH
  remote: .
  specs:
    Lane-Reporter (0.1.2)
      ruby-jss (~> 1.6.4)

GEM
  remote: https://rubygems.org/
  specs:
    CFPropertyList (3.0.4)
      rexml
    faraday (1.0.1)
      multipart-post (>= 1.2, < 3)
    faraday_middleware (1.0.0)
      faraday (~> 1.0)
    immutable-struct (2.4.1)
    multipart-post (2.1.1)
    rake (12.3.3)
    recursive-open-struct (1.1.3)
    rexml (3.2.5)
    ruby-jss (1.6.4)
      CFPropertyList (~> 3.0)
      faraday (>= 1.0.0, <= 1.0.1)
      faraday_middleware (>= 1.0.0, <= 1.0.1)
      immutable-struct (~> 2.3, >= 2.3.0)
      recursive-open-struct (~> 1.1, >= 1.1.0)
      ruby-mysql (~> 2.9, >= 2.9.12)
    ruby-mysql (2.9.14)

PLATFORMS
  ruby

DEPENDENCIES
  Lane-Reporter!
  bundler (~> 2.0)
  rake (~> 12.3.3)
  ruby-jss (~> 1.6.4)

BUNDLED WITH
   2.0.1
